GEM
  remote: http://www.rubygems.org/
  specs:
    rack (1.6.4)
    rack-protection (1.5.3)
      rack
    shotgun (0.9.1)
      rack (>= 1.0)
    sinatra (1.4.6)
      rack (~> 1.4)
      rack-protection (~> 1.4)
      tilt (>= 1.3, < 3)
    sqlite3 (1.3.10)
    tilt (2.0.1)

PLATFORMS
  ruby

DEPENDENCIES
  shotgun
  sinatra
  sqlite3

BUNDLED WITH
   1.10.6
